GEM
  remote: http://rubygems.org/
  specs:
    ParseTree (3.0.6)
      RubyInline (>= 3.7.0)
      sexp_processor (>= 3.0.0)
    RubyInline (3.8.6)
      ZenTest (~> 4.3)
    ZenTest (4.4.0)
    activemodel (3.0.0)
      activesupport (= 3.0.0)
      builder (~> 2.1.2)
      i18n (~> 0.4.1)
    activesupport (3.0.0)
    bluecloth (2.0.9)
    bson (1.0.4)
    builder (2.1.2)
    diff (0.3.6)
    diff-lcs (1.1.2)
    git (1.2.5)
    i18n (0.4.1)
    jeweler (1.5.0.pre3)
      bundler (~> 1.0.0)
      git (>= 1.2.5)
      rake
    mongo (1.0.7)
      bson (>= 1.0.4)
    mongoid (2.0.0.beta.18)
      activemodel (~> 3.0.0)
      bson (= 1.0.4)
      mongo (= 1.0.7)
      tzinfo (~> 0.3.22)
      will_paginate (~> 3.0.pre)
    predicated (0.2.1)
    rake (0.8.7)
    rcov (0.9.9)
    rspec (2.0.0.beta.22)
      rspec-core (= 2.0.0.beta.22)
      rspec-expectations (= 2.0.0.beta.22)
      rspec-mocks (= 2.0.0.beta.22)
    rspec-core (2.0.0.beta.22)
    rspec-expectations (2.0.0.beta.22)
      diff-lcs (>= 1.1.2)
    rspec-mocks (2.0.0.beta.22)
      rspec-core (= 2.0.0.beta.22)
      rspec-expectations (= 2.0.0.beta.22)
    ruby2ruby (1.2.5)
      ruby_parser (~> 2.0)
      sexp_processor (~> 3.0)
    ruby_parser (2.0.5)
      sexp_processor (~> 3.0)
    sexp_processor (3.0.5)
    tzinfo (0.3.23)
    will_paginate (3.0.pre2)
    wrong (0.3.3)
      ParseTree (>= 3.0.5)
      diff (>= 0.3.6)
      diff-lcs (>= 1.1.2)
      predicated (>= 0.2.1)
      ruby2ruby (>= 1.2.4)
      ruby_parser (>= 2.0.4)
    yard (0.6.1)

PLATFORMS
  ruby

DEPENDENCIES
  activesupport
  bluecloth
  bundler (~> 1.0.0)
  jeweler (~> 1.5.0.pre3)
  mongoid (~> 2.0.0.beta.18)
  rcov
  rspec (>= 2.0.0.beta.22)
  wrong
  yard (~> 0.6.0)
